PATH
  remote: .
  specs:
    rails_vue_generator (0.1.0)

GEM
  remote: https://rubygems.org/
  specs:
    rake (13.0.1)

PLATFORMS
  ruby

DEPENDENCIES
  bundler (~> 2.0)
  rails_vue_generator!
  rake (~> 13.0)

BUNDLED WITH
   2.1.2
